{
	"Modality": "MR",
	"MagneticFieldStrength": 3,
	"ImagingFrequency": 123.157,
	"Manufacturer": "Siemens",
	"SeriesInstanceUID": "2.16.124.113543.6006.99.03727375694009178092",
	"StudyInstanceUID": "2.16.124.113543.6006.99.4207046675639387278",
	"StudyID": "1192011",
	"PatientName": "14705.x14_50_FCAP1",
	"PatientID": "14705.x14_50_FCAP1",
	"PatientSex": "O",
	"PatientPosition": "HFS",
	"MRAcquisitionType": "3D",
	"SeriesDescription": "tfl_mgh_multiecho_3D_1mm_iso_MGHprotocol_RMS",
	"ProtocolName": "tfl_mgh_multiecho_3D_1mm_iso_MGHprotocol_RMS",
	"ScanningSequence": "GR_IR",
	"SequenceVariant": "SP_MP",
	"ScanOptions": "IR",
	"SequenceName": "tfl3d4_ns",
	"ImageType": ["ORIGINAL", "PRIMARY", "OTHER", "ND", "NORM", "MEAN"],
	"SeriesNumber": 70,
	"AcquisitionTime": "10:54:50.100000",
	"AcquisitionDateTime": "2011-11-13T10:54:50.100000",
	"AcquisitionNumber": 1,
	"SliceThickness": 1,
	"SAR": 0.0350643,
	"NumberOfAverages": 4,
	"EchoTime": 0.00164,
	"RepetitionTime": 2.53,
	"InversionTime": 1.2,
	"FlipAngle": 7,
	"PartialFourier": 1,
	"BaseResolution": 256,
	"ShimSetting": [
		4794,
		-27650,
		22694,
		703,
		31,
		-223,
		123,
		-117	],
	"TxRefAmp": 277.318,
	"PhaseResolution": 1,
	"ReceiveCoilName": "32Ch_Head",
	"PulseSequenceDetails": "%CustomerSeq%_tfl_mgh_multiecho",
	"RefLinesPE": 32,
	"PercentPhaseFOV": 100,
	"PhaseEncodingSteps": 255,
	"AcquisitionMatrixPE": 256,
	"ReconMatrixPE": 256,
	"PixelBandwidth": 651,
	"ImageOrientationPatientDICOM": [
		1,
		0,
		0,
		0,
		1,
		0	],
	"InPlanePhaseEncodingDirectionDICOM": "COL",
	"ConversionSoftware": "dcm2niix",
	"ConversionSoftwareVersion": "v1.0.20190410  GCC6.3.0"
}
